GIT
  remote: https://github.com/heartcombo/devise
  revision: a259ff3c28912a27329727f4a3c2623d3f5cb6f2
  branch: main
  specs:
    devise (5.0.0.beta)
      bcrypt (~> 3.0)
      orm_adapter (~> 0.1)
      railties (>= 6.0.0)
      responders
      warden (~> 1.2.3)

GIT
  remote: https://github.com/hotwired/turbo-rails.git
  revision: 41e8561732aec908d38a3224c770d8858c183988
  branch: main
  specs:
    turbo-rails (2.0.5)
      actionpack (>= 6.0.0)
      activejob (>= 6.0.0)
      railties (>= 6.0.0)

GIT
  remote: https://github.com/la-ruby/stimulus_reflex.git
  revision: 0a210fe2fa3994f9ed7fd7d30fd9dc244c1ede0d
  branch: noprompt
  specs:
    stimulus_reflex (3.5.2)
      actioncable (>= 5.2, < 8)
      actionpack (>= 5.2, < 8)
      actionview (>= 5.2, < 8)
      activesupport (>= 5.2, < 8)
      cable_ready (~> 5.0)
      nokogiri (~> 1.0)
      nokogiri-html5-inference (~> 0.3)
      rack (>= 2, < 4)
      railties (>= 5.2, < 8)
      redis (>= 4.0, < 6.0)

GIT
  remote: https://github.com/rails/rails.git
  revision: 8035bece705f60e6bddca70ee7d88e935a242bf8
  branch: 7-2-stable
  specs:
    actioncable (7.2.0.beta3)
      actionpack (= 7.2.0.beta3)
      activesupport (= 7.2.0.beta3)
      nio4r (~> 2.0)
      websocket-driver (>= 0.6.1)
      zeitwerk (~> 2.6)
    actionmailbox (7.2.0.beta3)
      actionpack (= 7.2.0.beta3)
      activejob (= 7.2.0.beta3)
      activerecord (= 7.2.0.beta3)
      activestorage (= 7.2.0.beta3)
      activesupport (= 7.2.0.beta3)
      mail (>= 2.8.0)
    actionmailer (7.2.0.beta3)
      actionpack (= 7.2.0.beta3)
      actionview (= 7.2.0.beta3)
      activejob (= 7.2.0.beta3)
      activesupport (= 7.2.0.beta3)
      mail (>= 2.8.0)
      rails-dom-testing (~> 2.2)
    actionpack (7.2.0.beta3)
      actionview (= 7.2.0.beta3)
      activesupport (= 7.2.0.beta3)
      nokogiri (>= 1.8.5)
      racc
      rack (>= 2.2.4)
      rack-session (>= 1.0.1)
      rack-test (>= 0.6.3)
      rails-dom-testing (~> 2.2)
      rails-html-sanitizer (~> 1.6)
      useragent (~> 0.16)
    actiontext (7.2.0.beta3)
      actionpack (= 7.2.0.beta3)
      activerecord (= 7.2.0.beta3)
      activestorage (= 7.2.0.beta3)
      activesupport (= 7.2.0.beta3)
      globalid (>= 0.6.0)
      nokogiri (>= 1.8.5)
    actionview (7.2.0.beta3)
      activesupport (= 7.2.0.beta3)
      builder (~> 3.1)
      erubi (~> 1.11)
      rails-dom-testing (~> 2.2)
      rails-html-sanitizer (~> 1.6)
    activejob (7.2.0.beta3)
      activesupport (= 7.2.0.beta3)
      globalid (>= 0.3.6)
    activemodel (7.2.0.beta3)
      activesupport (= 7.2.0.beta3)
    activerecord (7.2.0.beta3)
      activemodel (= 7.2.0.beta3)
      activesupport (= 7.2.0.beta3)
      timeout (>= 0.4.0)
    activestorage (7.2.0.beta3)
      actionpack (= 7.2.0.beta3)
      activejob (= 7.2.0.beta3)
      activerecord (= 7.2.0.beta3)
      activesupport (= 7.2.0.beta3)
      marcel (~> 1.0)
    activesupport (7.2.0.beta3)
      base64
      bigdecimal
      concurrent-ruby (~> 1.0, >= 1.3.1)
      connection_pool (>= 2.2.5)
      drb
      i18n (>= 1.6, < 2)
      logger (>= 1.4.2)
      minitest (>= 5.1)
      tzinfo (~> 2.0, >= 2.0.5)
    rails (7.2.0.beta3)
      actioncable (= 7.2.0.beta3)
      actionmailbox (= 7.2.0.beta3)
      actionmailer (= 7.2.0.beta3)
      actionpack (= 7.2.0.beta3)
      actiontext (= 7.2.0.beta3)
      actionview (= 7.2.0.beta3)
      activejob (= 7.2.0.beta3)
      activemodel (= 7.2.0.beta3)
      activerecord (= 7.2.0.beta3)
      activestorage (= 7.2.0.beta3)
      activesupport (= 7.2.0.beta3)
      bundler (>= 1.15.0)
      railties (= 7.2.0.beta3)
    railties (7.2.0.beta3)
      actionpack (= 7.2.0.beta3)
      activesupport (= 7.2.0.beta3)
      irb (~> 1.13)
      rackup (>= 1.0.0)
      rake (>= 12.2)
      thor (~> 1.0, >= 1.2.2)
      zeitwerk (~> 2.6)

GEM
  remote: https://rubygems.org/
  specs:
    addressable (2.8.7)
      public_suffix (>= 2.0.2, < 7.0)
    administrate (0.20.1)
      actionpack (>= 6.0, < 8.0)
      actionview (>= 6.0, < 8.0)
      activerecord (>= 6.0, < 8.0)
      jquery-rails (~> 4.6.0)
      kaminari (~> 1.2.2)
      sassc-rails (~> 2.1)
      selectize-rails (~> 0.6)
    aws-eventstream (1.3.0)
    aws-partitions (1.956.0)
    aws-sdk-core (3.201.1)
      aws-eventstream (~> 1, >= 1.3.0)
      aws-partitions (~> 1, >= 1.651.0)
      aws-sigv4 (~> 1.8)
      jmespath (~> 1, >= 1.6.1)
    aws-sdk-kms (1.88.0)
      aws-sdk-core (~> 3, >= 3.201.0)
      aws-sigv4 (~> 1.5)
    aws-sdk-s3 (1.156.0)
      aws-sdk-core (~> 3, >= 3.201.0)
      aws-sdk-kms (~> 1)
      aws-sigv4 (~> 1.5)
    aws-sigv4 (1.8.0)
      aws-eventstream (~> 1, >= 1.0.2)
    base64 (0.2.0)
    bcrypt (3.1.20)
    bigdecimal (3.1.8)
    bindex (0.8.1)
    builder (3.3.0)
    cable_ready (5.0.5)
      actionpack (>= 5.2)
      actionview (>= 5.2)
      activesupport (>= 5.2)
      observer (~> 0.1)
      railties (>= 5.2)
      thread-local (>= 1.1.0)
    capybara (3.40.0)
      addressable
      matrix
      mini_mime (>= 0.1.3)
      nokogiri (~> 1.11)
      rack (>= 1.6.0)
      rack-test (>= 0.6.3)
      regexp_parser (>= 1.5, < 3.0)
      xpath (~> 3.2)
    concurrent-ruby (1.3.3)
    connection_pool (2.4.1)
    crack (1.0.0)
      bigdecimal
      rexml
    crass (1.0.6)
    cssbundling-rails (1.4.0)
      railties (>= 6.0.0)
    date (3.3.4)
    debug (1.9.2)
      irb (~> 1.10)
      reline (>= 0.3.8)
    docile (1.4.0)
    drb (2.2.1)
    erubi (1.13.0)
    factory_bot (6.4.6)
      activesupport (>= 5.0.0)
    factory_bot_rails (6.4.3)
      factory_bot (~> 6.4)
      railties (>= 5.0.0)
    faker (3.4.1)
      i18n (>= 1.8.11, < 2)
    ffi (1.17.0)
    ffi (1.17.0-aarch64-linux-gnu)
    ffi (1.17.0-arm-linux-gnu)
    ffi (1.17.0-arm64-darwin)
    ffi (1.17.0-x86-linux-gnu)
    ffi (1.17.0-x86_64-darwin)
    ffi (1.17.0-x86_64-linux-gnu)
    globalid (1.2.1)
      activesupport (>= 6.1)
    hashdiff (1.1.0)
    i18n (1.14.5)
      concurrent-ruby (~> 1.0)
    io-console (0.7.2)
    irb (1.14.0)
      rdoc (>= 4.0.0)
      reline (>= 0.4.2)
    jbuilder (2.12.0)
      actionview (>= 5.0.0)
      activesupport (>= 5.0.0)
    jmespath (1.6.2)
    jquery-rails (4.6.0)
      rails-dom-testing (>= 1, < 3)
      railties (>= 4.2.0)
      thor (>= 0.14, < 2.0)
    jsbundling-rails (1.3.0)
      railties (>= 6.0.0)
    kaminari (1.2.2)
      activesupport (>= 4.1.0)
      kaminari-actionview (= 1.2.2)
      kaminari-activerecord (= 1.2.2)
      kaminari-core (= 1.2.2)
    kaminari-actionview (1.2.2)
      actionview
      kaminari-core (= 1.2.2)
    kaminari-activerecord (1.2.2)
      activerecord
      kaminari-core (= 1.2.2)
    kaminari-core (1.2.2)
    logger (1.6.0)
    loofah (2.22.0)
      crass (~> 1.0.2)
      nokogiri (>= 1.12.0)
    mail (2.8.1)
      mini_mime (>= 0.1.1)
      net-imap
      net-pop
      net-smtp
    marcel (1.0.4)
    matrix (0.4.2)
    method_source (1.1.0)
    mini_mime (1.1.5)
    mini_portile2 (2.8.7)
    minitest (5.24.1)
    minitest-test_profile (0.2.2)
      minitest
    net-imap (0.4.14)
      date
      net-protocol
    net-pop (0.1.2)
      net-protocol
    net-protocol (0.2.2)
      timeout
    net-smtp (0.5.0)
      net-protocol
    nio4r (2.7.3)
    nokogiri (1.16.6)
      mini_portile2 (~> 2.8.2)
      racc (~> 1.4)
    nokogiri (1.16.6-aarch64-linux)
      racc (~> 1.4)
    nokogiri (1.16.6-arm-linux)
      racc (~> 1.4)
    nokogiri (1.16.6-arm64-darwin)
      racc (~> 1.4)
    nokogiri (1.16.6-x86-linux)
      racc (~> 1.4)
    nokogiri (1.16.6-x86_64-darwin)
      racc (~> 1.4)
    nokogiri (1.16.6-x86_64-linux)
      racc (~> 1.4)
    nokogiri-html5-inference (0.3.0)
      nokogiri (~> 1.14)
    observer (0.1.2)
    orm_adapter (0.5.0)
    pg (1.5.6)
    psych (5.1.2)
      stringio
    public_suffix (6.0.0)
    puma (6.4.2)
      nio4r (~> 2.0)
    pundit (2.3.2)
      activesupport (>= 3.0.0)
    racc (1.8.0)
    rack (3.1.7)
    rack-session (2.0.0)
      rack (>= 3.0.0)
    rack-test (2.1.0)
      rack (>= 1.3)
    rackup (2.1.0)
      rack (>= 3)
      webrick (~> 1.8)
    rails-dom-testing (2.2.0)
      activesupport (>= 5.0.0)
      minitest
      nokogiri (>= 1.6)
    rails-html-sanitizer (1.6.0)
      loofah (~> 2.21)
      nokogiri (~> 1.14)
    rake (13.2.1)
    rdoc (6.7.0)
      psych (>= 4.0.0)
    redis (5.2.0)
      redis-client (>= 0.22.0)
    redis-client (0.22.2)
      connection_pool
    redis-session-store (0.11.5)
      actionpack (>= 6, < 8)
      redis (>= 3, < 6)
    regexp_parser (2.9.2)
    reline (0.5.9)
      io-console (~> 0.5)
    responders (3.1.1)
      actionpack (>= 5.2)
      railties (>= 5.2)
    rexml (3.3.1)
      strscan
    rollbar (3.5.2)
    ruby_http_client (3.5.5)
    rubyzip (2.3.2)
    sassc (2.4.0)
      ffi (~> 1.9)
    sassc-rails (2.1.2)
      railties (>= 4.0.0)
      sassc (>= 2.0)
      sprockets (> 3.0)
      sprockets-rails
      tilt
    selectize-rails (0.12.6)
    selenium-webdriver (4.22.0)
      base64 (~> 0.2)
      logger (~> 1.4)
      rexml (~> 3.2, >= 3.2.5)
      rubyzip (>= 1.2.2, < 3.0)
      websocket (~> 1.0)
    sendgrid-ruby (6.7.0)
      ruby_http_client (~> 3.4)
    sidekiq (7.3.0)
      concurrent-ruby (< 2)
      connection_pool (>= 2.3.0)
      logger
      rack (>= 2.2.4)
      redis-client (>= 0.22.2)
    simplecov (0.22.0)
      docile (~> 1.1)
      simplecov-html (~> 0.11)
      simplecov_json_formatter (~> 0.1)
    simplecov-html (0.12.3)
    simplecov_json_formatter (0.1.4)
    sprockets (4.2.1)
      concurrent-ruby (~> 1.0)
      rack (>= 2.2.4, < 4)
    sprockets-rails (3.5.1)
      actionpack (>= 6.1)
      activesupport (>= 6.1)
      sprockets (>= 3.0.0)
    stimulus-rails (1.3.3)
      railties (>= 6.0.0)
    stringio (3.1.1)
    strscan (3.1.0)
    thor (1.3.1)
    thread-local (1.1.0)
    tilt (2.4.0)
    timeout (0.4.1)
    tzinfo (2.0.6)
      concurrent-ruby (~> 1.0)
    useragent (0.16.10)
    view_component (3.12.1)
      activesupport (>= 5.2.0, < 8.0)
      concurrent-ruby (~> 1.0)
      method_source (~> 1.0)
    warden (1.2.9)
      rack (>= 2.0.9)
    web-console (4.2.1)
      actionview (>= 6.0.0)
      activemodel (>= 6.0.0)
      bindex (>= 0.4.0)
      railties (>= 6.0.0)
    webmock (3.23.1)
      addressable (>= 2.8.0)
      crack (>= 0.3.2)
      hashdiff (>= 0.4.0, < 2.0.0)
    webrick (1.8.1)
    websocket (1.2.11)
    websocket-driver (0.7.6)
      websocket-extensions (>= 0.1.0)
    websocket-extensions (0.1.5)
    xpath (3.2.0)
      nokogiri (~> 1.8)
    zeitwerk (2.6.16)

PLATFORMS
  aarch64-linux
  arm-linux
  arm64-darwin
  ruby
  x86-linux
  x86_64-darwin
  x86_64-linux

DEPENDENCIES
  administrate (~> 0.20.1)
  aws-sdk-s3
  capybara
  cssbundling-rails
  debug
  devise (~> 5.0.beta)!
  factory_bot_rails (~> 6.4)
  faker (~> 3.4)
  jbuilder
  jsbundling-rails
  kaminari (~> 1.2)
  minitest-test_profile (~> 0.2.2)
  pg (~> 1.1)
  puma (>= 5.0)
  pundit (~> 2.3)
  rails!
  redis-session-store (~> 0.11.5)
  rollbar (~> 3.5)
  selenium-webdriver
  sendgrid-ruby (>= 6.7)
  sidekiq (~> 7.3)
  simplecov
  sprockets-rails
  stimulus-rails
  stimulus_reflex!
  turbo-rails!
  tzinfo-data
  view_component (~> 3.12)
  web-console
  webmock (~> 3.23)

RUBY VERSION
   ruby 3.3.1p55

BUNDLED WITH
   2.5.15
