GIT
  remote: https://github.com/airbrake/airbrake.git
  revision: 47e8d66751c019e20fb2ebdd28ebd62d70c695c4
  specs:
    airbrake (13.0.2)
      airbrake-ruby (~> 6.0)

GIT
  remote: https://github.com/bblimke/webmock
  revision: 33d8810c2828fc17010e15cc3f21ad2c726a966f
  branch: master
  specs:
    webmock (3.14.0)
      addressable (>= 2.8.0)
      crack (>= 0.3.2)
      hashdiff (>= 0.4.0, < 2.0.0)

GIT
  remote: https://github.com/bullet-train-co/nice_partials
  revision: 5049b6181a91c6f4c54fd7c274d8ad33fb681ee0
  branch: main
  specs:
    nice_partials (0.1.6)
      actionview (>= 4.2.6)

GIT
  remote: https://github.com/faker-ruby/faker
  revision: dd0ea550e4bcaf0d2929ea5744275ff1a0a7e2a0
  branch: master
  specs:
    faker (2.21.0)
      i18n (>= 1.8.11, < 2)

GIT
  remote: https://github.com/heartcombo/devise
  revision: 6d32d2447cc0f3739d9732246b5a5bde98d9e032
  branch: main
  specs:
    devise (4.8.1)
      bcrypt (~> 3.0)
      orm_adapter (~> 0.1)
      railties (>= 4.1.0)
      responders
      warden (~> 1.2.3)

GIT
  remote: https://github.com/hotwired/turbo-rails.git
  revision: 3355f2fae0a2bd3653ccccc62d9395b677c4ee1f
  branch: main
  specs:
    turbo-rails (1.1.1)
      actionpack (>= 6.0.0)
      activejob (>= 6.0.0)
      railties (>= 6.0.0)

GIT
  remote: https://github.com/jmettraux/rufus-scheduler
  revision: 3fe5a02b4ceae7901228010a0b58e62a3be0e456
  branch: master
  specs:
    rufus-scheduler (3.8.2)
      fugit (~> 1.1, >= 1.1.6)

GIT
  remote: https://github.com/kaminari/kaminari
  revision: bf20fccfdbf7d10c337aeead7ecf4f54a230a5fb
  branch: master
  specs:
    kaminari (1.2.2)
      activesupport (>= 4.1.0)
      kaminari-actionview (= 1.2.2)
      kaminari-activerecord (= 1.2.2)
      kaminari-core (= 1.2.2)
    kaminari-actionview (1.2.2)
      actionview
      kaminari-core (= 1.2.2)
    kaminari-activerecord (1.2.2)
      activerecord
      kaminari-core (= 1.2.2)
    kaminari-core (1.2.2)

GIT
  remote: https://github.com/rails/rails.git
  revision: 47a6a67eed09524989ea36692496c15290b69633
  branch: 7-0-stable
  specs:
    actioncable (7.0.3)
      actionpack (= 7.0.3)
      activesupport (= 7.0.3)
      nio4r (~> 2.0)
      websocket-driver (>= 0.6.1)
    actionmailbox (7.0.3)
      actionpack (= 7.0.3)
      activejob (= 7.0.3)
      activerecord (= 7.0.3)
      activestorage (= 7.0.3)
      activesupport (= 7.0.3)
      mail (>= 2.7.1)
      net-imap
      net-pop
      net-smtp
    actionmailer (7.0.3)
      actionpack (= 7.0.3)
      actionview (= 7.0.3)
      activejob (= 7.0.3)
      activesupport (= 7.0.3)
      mail (~> 2.5, >= 2.5.4)
      net-imap
      net-pop
      net-smtp
      rails-dom-testing (~> 2.0)
    actionpack (7.0.3)
      actionview (= 7.0.3)
      activesupport (= 7.0.3)
      rack (~> 2.0, >= 2.2.0)
      rack-test (>= 0.6.3)
      rails-dom-testing (~> 2.0)
      rails-html-sanitizer (~> 1.0, >= 1.2.0)
    actiontext (7.0.3)
      actionpack (= 7.0.3)
      activerecord (= 7.0.3)
      activestorage (= 7.0.3)
      activesupport (= 7.0.3)
      globalid (>= 0.6.0)
      nokogiri (>= 1.8.5)
    actionview (7.0.3)
      activesupport (= 7.0.3)
      builder (~> 3.1)
      erubi (~> 1.4)
      rails-dom-testing (~> 2.0)
      rails-html-sanitizer (~> 1.1, >= 1.2.0)
    activejob (7.0.3)
      activesupport (= 7.0.3)
      globalid (>= 0.3.6)
    activemodel (7.0.3)
      activesupport (= 7.0.3)
    activerecord (7.0.3)
      activemodel (= 7.0.3)
      activesupport (= 7.0.3)
    activestorage (7.0.3)
      actionpack (= 7.0.3)
      activejob (= 7.0.3)
      activerecord (= 7.0.3)
      activesupport (= 7.0.3)
      marcel (~> 1.0)
      mini_mime (>= 1.1.0)
    activesupport (7.0.3)
      concurrent-ruby (~> 1.0, >= 1.0.2)
      i18n (>= 1.6, < 2)
      minitest (>= 5.1)
      tzinfo (~> 2.0)
    rails (7.0.3)
      actioncable (= 7.0.3)
      actionmailbox (= 7.0.3)
      actionmailer (= 7.0.3)
      actionpack (= 7.0.3)
      actiontext (= 7.0.3)
      actionview (= 7.0.3)
      activejob (= 7.0.3)
      activemodel (= 7.0.3)
      activerecord (= 7.0.3)
      activestorage (= 7.0.3)
      activesupport (= 7.0.3)
      bundler (>= 1.15.0)
      railties (= 7.0.3)
    railties (7.0.3)
      actionpack (= 7.0.3)
      activesupport (= 7.0.3)
      method_source
      rake (>= 12.2)
      thor (~> 1.0)
      zeitwerk (~> 2.5)

GIT
  remote: https://github.com/redis/redis-rb.git
  revision: 2f226e55933ff8ef958969097ed51c637786c4d1
  specs:
    redis (4.7.0)

GIT
  remote: https://github.com/resque/resque.git
  revision: ba5a44294ba5f6c4593deb78612f78989445d83e
  branch: master
  specs:
    resque (2.2.1)
      mono_logger (~> 1.0)
      multi_json (~> 1.0)
      redis-namespace (~> 1.6)
      sinatra (>= 0.9.2)

GIT
  remote: https://github.com/thoughtbot/factory_bot_rails
  revision: b149856be340f919a49bab8d4389050dce422cbc
  branch: main
  specs:
    factory_bot_rails (6.2.0)
      factory_bot (~> 6.2.0)
      railties (>= 5.0.0)

GIT
  remote: https://github.com/varvet/pundit
  revision: d7c2e6e3bc1f5526f220a729090249635a7453d8
  branch: main
  specs:
    pundit (2.2.0)
      activesupport (>= 3.0.0)

GIT
  remote: https://github.com/vcr/vcr
  revision: be6a78281ceabc3af7ddd300b0f7c7796886a4ef
  branch: master
  specs:
    vcr (6.1.0)

GIT
  remote: https://github.com/y-yagi/minitest-test_profile
  revision: 30744bf387e51d7f947bcdb9341c686d020c2814
  branch: master
  specs:
    minitest-test_profile (0.2.2)
      minitest

GEM
  remote: https://rubygems.org/
  specs:
    addressable (2.8.0)
      public_suffix (>= 2.0.2, < 5.0)
    airbrake-ruby (6.1.1)
      rbtree3 (~> 0.5)
    aws-eventstream (1.2.0)
    aws-partitions (1.601.0)
    aws-sdk-core (3.131.2)
      aws-eventstream (~> 1, >= 1.0.2)
      aws-partitions (~> 1, >= 1.525.0)
      aws-sigv4 (~> 1.1)
      jmespath (~> 1, >= 1.6.1)
    aws-sdk-kms (1.57.0)
      aws-sdk-core (~> 3, >= 3.127.0)
      aws-sigv4 (~> 1.1)
    aws-sdk-s3 (1.114.0)
      aws-sdk-core (~> 3, >= 3.127.0)
      aws-sdk-kms (~> 1)
      aws-sigv4 (~> 1.4)
    aws-sigv4 (1.5.0)
      aws-eventstream (~> 1, >= 1.0.2)
    bcrypt (3.1.18)
    bindex (0.8.1)
    builder (3.2.4)
    capybara (3.37.1)
      addressable
      matrix
      mini_mime (>= 0.1.3)
      nokogiri (~> 1.8)
      rack (>= 1.6.0)
      rack-test (>= 0.6.3)
      regexp_parser (>= 1.5, < 3.0)
      xpath (~> 3.2)
    childprocess (4.1.0)
    concurrent-ruby (1.1.10)
    crack (0.4.5)
      rexml
    crass (1.0.6)
    cssbundling-rails (1.1.1)
      railties (>= 6.0.0)
    debug (1.5.0)
      irb (>= 1.3.6)
      reline (>= 0.2.7)
    digest (3.1.0)
    docile (1.4.0)
    erubi (1.10.0)
    et-orbi (1.2.7)
      tzinfo
    factory_bot (6.2.1)
      activesupport (>= 5.0.0)
    fugit (1.5.3)
      et-orbi (~> 1, >= 1.2.7)
      raabro (~> 1.4)
    globalid (1.0.0)
      activesupport (>= 5.0)
    hashdiff (1.0.1)
    i18n (1.10.0)
      concurrent-ruby (~> 1.0)
    io-console (0.5.11)
    irb (1.4.1)
      reline (>= 0.3.0)
    jbuilder (2.11.5)
      actionview (>= 5.0.0)
      activesupport (>= 5.0.0)
    jmespath (1.6.1)
    jsbundling-rails (1.0.3)
      railties (>= 6.0.0)
    loofah (2.18.0)
      crass (~> 1.0.2)
      nokogiri (>= 1.5.9)
    mail (2.7.1)
      mini_mime (>= 0.1.1)
    marcel (1.0.2)
    matrix (0.4.2)
    method_source (1.0.0)
    mini_mime (1.1.2)
    mini_portile2 (2.8.0)
    minitest (5.16.1)
    mono_logger (1.1.1)
    multi_json (1.15.0)
    mustermann (1.1.1)
      ruby2_keywords (~> 0.0.1)
    net-imap (0.2.3)
      digest
      net-protocol
      strscan
    net-pop (0.1.1)
      digest
      net-protocol
      timeout
    net-protocol (0.1.3)
      timeout
    net-smtp (0.3.1)
      digest
      net-protocol
      timeout
    nio4r (2.5.8)
    nokogiri (1.13.6)
      mini_portile2 (~> 2.8.0)
      racc (~> 1.4)
    nokogiri (1.13.6-x86_64-linux)
      racc (~> 1.4)
    orm_adapter (0.5.0)
    pg (1.4.1)
    public_suffix (4.0.7)
    puma (5.6.4)
      nio4r (~> 2.0)
    raabro (1.4.0)
    racc (1.6.0)
    rack (2.2.3.1)
    rack-protection (2.2.0)
      rack
    rack-test (2.0.2)
      rack (>= 1.3)
    rails-dom-testing (2.0.3)
      activesupport (>= 4.2.0)
      nokogiri (>= 1.6)
    rails-html-sanitizer (1.4.3)
      loofah (~> 2.3)
    rake (13.0.6)
    rbtree3 (0.7.0)
    redis-namespace (1.8.2)
      redis (>= 3.0.4)
    regexp_parser (2.5.0)
    reline (0.3.1)
      io-console (~> 0.5)
    responders (3.0.1)
      actionpack (>= 5.0)
      railties (>= 5.0)
    rexml (3.2.5)
    ruby2_keywords (0.0.5)
    ruby_http_client (3.5.5)
    rubyzip (2.3.2)
    selenium-webdriver (4.3.0)
      childprocess (>= 0.5, < 5.0)
      rexml (~> 3.2, >= 3.2.5)
      rubyzip (>= 1.2.2, < 3.0)
      websocket (~> 1.0)
    sendgrid-ruby (6.6.2)
      ruby_http_client (~> 3.4)
    simplecov (0.21.2)
      docile (~> 1.1)
      simplecov-html (~> 0.11)
      simplecov_json_formatter (~> 0.1)
    simplecov-html (0.12.3)
    simplecov_json_formatter (0.1.4)
    sinatra (2.2.0)
      mustermann (~> 1.0)
      rack (~> 2.2)
      rack-protection (= 2.2.0)
      tilt (~> 2.0)
    sprockets (4.1.1)
      concurrent-ruby (~> 1.0)
      rack (> 1, < 3)
    sprockets-rails (3.4.2)
      actionpack (>= 5.2)
      activesupport (>= 5.2)
      sprockets (>= 3.0.0)
    stimulus-rails (1.0.4)
      railties (>= 6.0.0)
    strscan (3.0.3)
    thor (1.2.1)
    tilt (2.0.10)
    timeout (0.3.0)
    tzinfo (2.0.4)
      concurrent-ruby (~> 1.0)
    warden (1.2.9)
      rack (>= 2.0.9)
    web-console (4.2.0)
      actionview (>= 6.0.0)
      activemodel (>= 6.0.0)
      bindex (>= 0.4.0)
      railties (>= 6.0.0)
    webdrivers (5.0.0)
      nokogiri (~> 1.6)
      rubyzip (>= 1.3.0)
      selenium-webdriver (~> 4.0)
    websocket (1.2.9)
    websocket-driver (0.7.5)
      websocket-extensions (>= 0.1.0)
    websocket-extensions (0.1.5)
    xpath (3.2.0)
      nokogiri (~> 1.8)
    zeitwerk (2.6.0)

PLATFORMS
  ruby
  x86_64-linux

DEPENDENCIES
  airbrake (>= 13.0)!
  aws-sdk-s3
  capybara
  cssbundling-rails
  debug
  devise (~> 4.8)!
  factory_bot_rails (~> 6.2)!
  faker (~> 2.21)!
  jbuilder
  jsbundling-rails
  kaminari (~> 1.2)!
  minitest-test_profile (~> 0.2.2)!
  nice_partials (~> 0.1.6)!
  pg (~> 1.1)
  puma (~> 5.0)
  pundit (~> 2.2)!
  rails!
  redis (~> 4.7)!
  resque (~> 2.2)!
  rufus-scheduler (~> 3.8)!
  selenium-webdriver
  sendgrid-ruby (>= 6.6)
  simplecov
  sprockets-rails
  stimulus-rails
  turbo-rails!
  tzinfo-data
  vcr (~> 6.1)!
  web-console
  webdrivers
  webmock (~> 3.14)!

RUBY VERSION
   ruby 3.0.3p157

BUNDLED WITH
   2.3.16
